GEM
  remote: https://rubygems.org/
  specs:
    actionmailer (2.3.14)
      actionpack (= 2.3.14)
    actionpack (2.3.14)
      activesupport (= 2.3.14)
      rack (~> 1.1.0)
    activerecord (2.3.14)
      activesupport (= 2.3.14)
    activeresource (2.3.14)
      activesupport (= 2.3.14)
    activesupport (2.3.14)
    devise (1.0.10)
      warden (~> 0.10.3)
    json (1.7.5)
    mysql (2.8.1-x86-mingw32)
    rack (1.1.3)
    rails (2.3.14)
      actionmailer (= 2.3.14)
      actionpack (= 2.3.14)
      activerecord (= 2.3.14)
      activeresource (= 2.3.14)
      activesupport (= 2.3.14)
      rake (>= 0.8.3)
    rake (10.0.2)
    rdoc (3.12)
      json (~> 1.4)
    warden (0.10.7)
      rack (>= 1.0.0)

PLATFORMS
  x86-mingw32

DEPENDENCIES
  devise (= 1.0.10)
  mysql (= 2.8.1)
  rails (= 2.3.14)
  rdoc
